PATH
  remote: .
  specs:
    ruby-go (1.0.0)
      SgfParser (~> 3.0.0)

GEM
  remote: https://rubygems.org/
  specs:
    SgfParser (3.0.1)
    rdoc (6.2.1)

PLATFORMS
  ruby

DEPENDENCIES
  rdoc
  ruby-go!

BUNDLED WITH
   2.1.4
