GEM
  remote: https://rubygems.org/
  specs:
    SgfParser (3.0.1)

PLATFORMS
  ruby

DEPENDENCIES
  SgfParser (~> 3.0.0)

BUNDLED WITH
   1.15.4
